GEM
  remote: http://rubygems.org/
  specs:
    activemodel (3.2.2)
      activesupport (= 3.2.2)
      builder (~> 3.0.0)
    activesupport (3.2.2)
      i18n (~> 0.6)
      multi_json (~> 1.0)
    builder (3.0.0)
    columnize (0.3.1)
    diff-lcs (1.1.2)
    i18n (0.6.0)
    linecache (0.43)
    multi_json (1.1.0)
    rake (0.8.7)
    rspec (2.0.1)
      rspec-core (~> 2.0.1)
      rspec-expectations (~> 2.0.1)
      rspec-mocks (~> 2.0.1)
    rspec-core (2.0.1)
    rspec-expectations (2.0.1)
      diff-lcs (>= 1.1.2)
    rspec-mocks (2.0.1)
      rspec-core (~> 2.0.1)
      rspec-expectations (~> 2.0.1)
    ruby-debug (0.10.3)
      columnize (>= 0.1)
      ruby-debug-base (~> 0.10.3.0)
    ruby-debug-base (0.10.3)
      linecache (>= 0.3)

PLATFORMS
  ruby

DEPENDENCIES
  activemodel (~> 3.2.0)
  activesupport (~> 3.2.0)
  rake (~> 0.8.7)
  rspec (~> 2.0.0)
  ruby-debug
